GEM
  remote: https://rubygems.org/
  specs:
    RedCloth (4.2.9)
    activesupport (3.2.14)
      i18n (~> 0.6, >= 0.6.4)
      multi_json (~> 1.0)
    classifier (1.3.3)
      fast-stemmer (>= 1.0.0)
    colorator (0.1)
    commander (4.1.5)
      highline (~> 1.6.11)
    directory_watcher (1.4.1)
    dotenv (0.8.0)
    fast-stemmer (1.0.2)
    foreman (0.63.0)
      dotenv (>= 0.7)
      thor (>= 0.13.6)
    github-pages (1)
      RedCloth (= 4.2.9)
      jekyll (= 1.1.2)
      kramdown (= 1.0.2)
      liquid (= 2.5.1)
      maruku (= 0.6.1)
      rdiscount (= 1.6.8)
      redcarpet (= 2.2.2)
    highline (1.6.19)
    i18n (0.6.5)
    jekyll (1.1.2)
      classifier (~> 1.3)
      colorator (~> 0.1)
      commander (~> 4.1.3)
      directory_watcher (~> 1.4.1)
      kramdown (~> 1.0.2)
      liquid (~> 2.5.1)
      maruku (~> 0.5)
      pygments.rb (~> 0.5.0)
      redcarpet (~> 2.2.2)
      safe_yaml (~> 0.7.0)
    kramdown (1.0.2)
    liquid (2.5.1)
    maruku (0.6.1)
      syntax (>= 1.0.0)
    multi_json (1.7.9)
    posix-spawn (0.3.6)
    pygments.rb (0.5.2)
      posix-spawn (~> 0.3.6)
      yajl-ruby (~> 1.1.0)
    rack (1.5.2)
    rack-test (0.6.2)
      rack (>= 1.0)
    rdiscount (1.6.8)
    redcarpet (2.2.2)
    safe_yaml (0.7.1)
    serve (1.5.2)
      activesupport (~> 3.2.12)
      i18n
      rack (~> 1.5.2)
      rack-test (~> 0.6.2)
      tilt (~> 1.3.3)
      tzinfo
    syntax (1.0.0)
    thor (0.18.1)
    tilt (1.3.7)
    tzinfo (1.0.1)
    tzinfo-data (1.2013.4)
      tzinfo (>= 1.0.0)
    yajl-ruby (1.1.0)

PLATFORMS
  ruby

DEPENDENCIES
  foreman (~> 0.63)
  github-pages
  serve (~> 1.5)
  tzinfo-data
